GEM
  remote: https://rubygems.org/
  specs:
    docile (1.3.4)
    minitest (5.11.3)
    simplecov (0.21.1)
      docile (~> 1.1)
      simplecov-html (~> 0.11)
      simplecov_json_formatter (~> 0.1)
    simplecov-html (0.12.3)
    simplecov_json_formatter (0.1.2)

PLATFORMS
  ruby

DEPENDENCIES
  minitest
  simplecov

BUNDLED WITH
   1.17.2
